PATH
  remote: .
  specs:
    presume (0.0.4)
      docx
      engtagger
      ruby-stemmer

GEM
  remote: https://rubygems.org/
  specs:
    diff-lcs (1.3)
    docx (0.3.0)
      nokogiri (~> 1.8, >= 1.8.1)
      rubyzip (~> 1.2, >= 1.2.1)
    engtagger (0.2.1)
    mini_portile2 (2.3.0)
    nokogiri (1.8.5)
      mini_portile2 (~> 2.3.0)
    rake (12.3.1)
    rspec (3.8.0)
      rspec-core (~> 3.8.0)
      rspec-expectations (~> 3.8.0)
      rspec-mocks (~> 3.8.0)
    rspec-core (3.8.0)
      rspec-support (~> 3.8.0)
    rspec-expectations (3.8.2)
      diff-lcs (>= 1.2.0, < 2.0)
      rspec-support (~> 3.8.0)
    rspec-mocks (3.8.0)
      diff-lcs (>= 1.2.0, < 2.0)
      rspec-support (~> 3.8.0)
    rspec-support (3.8.0)
    ruby-stemmer (0.9.6)
    rubyzip (1.2.2)

PLATFORMS
  ruby

DEPENDENCIES
  presume!
  rake
  rspec

BUNDLED WITH
   1.17.1
